GEM
  remote: https://rubygems.org/
  specs:
    stringex (2.5.2)

PLATFORMS
  ruby

DEPENDENCIES
  stringex
